STORAGE: NONE
RESTRICTION: == net9.0
NUGET
  remote: https://api.nuget.org/v3/index.json
    Akka (1.5.27.1)
      Akka.Analyzers (>= 0.2.5)
      Microsoft.Extensions.ObjectPool (>= 6.0.32)
      Newtonsoft.Json (>= 13.0.1)
      System.Collections.Immutable (>= 6.0)
      System.Configuration.ConfigurationManager (>= 6.0.1)
      System.Reflection.Emit (>= 4.7)
      System.Threading.Channels (>= 6.0)
    Akka.Analyzers (0.2.5)
    Akka.Cluster (1.5.27.1)
      Akka.Coordination (>= 1.5.27.1)
      Akka.Remote (>= 1.5.27.1)
    Akka.Cluster.Hosting (1.5.27)
      Akka.Cluster.Sharding (>= 1.5.27.1)
      Akka.DistributedData (>= 1.5.27.1)
      Akka.Persistence.Hosting (>= 1.5.27)
      Akka.Remote.Hosting (>= 1.5.27)
    Akka.Cluster.Sharding (1.5.27.1)
      Akka.Cluster.Tools (>= 1.5.27.1)
      Akka.Coordination (>= 1.5.27.1)
      Akka.DistributedData (>= 1.5.27.1)
      Akka.DistributedData.LightningDB (>= 1.5.27.1)
      Akka.Persistence (>= 1.5.27.1)
    Akka.Cluster.Tools (1.5.27.1)
      Akka.Cluster (>= 1.5.27.1)
      Akka.Coordination (>= 1.5.27.1)
      Akka.Discovery (>= 1.5.27.1)
    Akka.Coordination (1.5.27.1)
      Akka (>= 1.5.27.1)
    Akka.DependencyInjection (1.5.27.1)
      Akka (>= 1.5.27.1)
      Microsoft.Extensions.DependencyInjection.Abstractions (>= 6.0)
    Akka.Discovery (1.5.27.1)
      Akka (>= 1.5.27.1)
    Akka.DistributedData (1.5.27.1)
      Akka.Cluster (>= 1.5.27.1)
      Hyperion (>= 0.12.2)
    Akka.DistributedData.LightningDB (1.5.27.1)
      Akka.DistributedData (>= 1.5.27.1)
      LightningDB (>= 0.16)
    Akka.FSharp (1.5.27.1)
      Akka (>= 1.5.27.1)
      FSharp.Core (>= 8.0.100)
      FSharp.Quotations.Evaluator (>= 2.1)
      FsPickler (>= 5.3.2)
    Akka.Hosting (1.5.27)
      Akka.DependencyInjection (>= 1.5.27.1)
      Microsoft.Extensions.Configuration (>= 6.0)
      Microsoft.Extensions.Hosting (>= 6.0)
    Akka.Persistence (1.5.27.1)
      Akka (>= 1.5.27.1)
      Google.Protobuf (>= 3.26.1)
    Akka.Persistence.Hosting (1.5.27)
      Akka.Hosting (>= 1.5.27)
      Akka.Persistence (>= 1.5.27.1)
    Akka.Remote (1.5.27.1)
      Akka (>= 1.5.27.1)
      DotNetty.Handlers (>= 0.7.6)
      Google.Protobuf (>= 3.26.1)
    Akka.Remote.Hosting (1.5.27)
      Akka.Hosting (>= 1.5.27)
      Akka.Remote (>= 1.5.27.1)
    Akka.Serialization.Hyperion (1.5.27.1)
      Akka (>= 1.5.27.1)
      Hyperion (>= 0.12.2)
    Akka.TestKit (1.5.27.1)
      Akka (>= 1.5.27.1)
      FluentAssertions (>= 5.10.3)
      Microsoft.Bcl.AsyncInterfaces (>= 6.0)
      Nito.AsyncEx.Context (>= 5.1.2)
      Nito.AsyncEx.Coordination (>= 5.1.2)
      System.Linq.Async (>= 6.0.1)
    Akka.TestKit.Xunit2 (1.5.27.1)
      Akka.TestKit (>= 1.5.27.1)
      xunit (>= 2.8.1)
    Akkling (0.16.2)
      Akka (>= 1.5.27.1)
      Akka.Serialization.Hyperion (>= 1.5.27.1)
      FSharp.Core (>= 8.0.400)
    Akkling.TestKit (0.16.2)
      Akka.TestKit.Xunit2 (>= 1.5.27.1)
      Akkling (>= 0.16.2)
      FSharp.Core (>= 8.0.400)
    AnyOf (0.4)
    Argon (0.25)
    Argon.FSharp (0.21)
      Argon (>= 0.21)
      FSharp.Core (>= 8.0.301)
    Argu (6.2.4)
      FSharp.Core (>= 6.0.7)
      System.Configuration.ConfigurationManager (>= 4.4)
    AspNetCore.HealthChecks.NpgSql (9.0)
      Microsoft.Extensions.Diagnostics.HealthChecks (>= 8.0.11)
      Npgsql (>= 8.0.3)
    AspNetCore.HealthChecks.Uris (9.0)
      Microsoft.Extensions.Diagnostics.HealthChecks (>= 8.0.11)
      Microsoft.Extensions.Http (>= 8.0)
    Auth0.Core (7.26.2)
      Newtonsoft.Json (>= 13.0.1)
    Auth0.ManagementApi (7.26.2)
      Auth0.Core (>= 7.26.2)
    AWSSDK.Core (4.0.0.3)
    AWSSDK.SimpleNotificationService (4.0.0.2)
      AWSSDK.Core (>= 4.0.0.3 < 5.0)
    Azure.Core (1.42)
      Microsoft.Bcl.AsyncInterfaces (>= 6.0)
      System.ClientModel (>= 1.0)
      System.Diagnostics.DiagnosticSource (>= 6.0.1)
      System.Memory.Data (>= 1.0.2)
      System.Numerics.Vectors (>= 4.5)
      System.Text.Encodings.Web (>= 6.0)
      System.Text.Json (>= 4.7.2)
      System.Threading.Tasks.Extensions (>= 4.5.4)
    Azure.Core.Amqp (1.3.1)
      Microsoft.Azure.Amqp (>= 2.6.7)
      System.Memory (>= 4.5.4)
      System.Memory.Data (>= 1.0.2)
    Azure.Identity (1.12)
      Azure.Core (>= 1.40)
      Microsoft.Identity.Client (>= 4.61.3)
      Microsoft.Identity.Client.Extensions.Msal (>= 4.61.3)
      System.Memory (>= 4.5.4)
      System.Security.Cryptography.ProtectedData (>= 4.7)
      System.Text.Json (>= 4.7.2)
      System.Threading.Tasks.Extensions (>= 4.5.4)
    Azure.Messaging.EventHubs (5.11.5)
      Azure.Core (>= 1.41)
      Azure.Core.Amqp (>= 1.3.1)
      Microsoft.Azure.Amqp (>= 2.6.7)
      Microsoft.Bcl.AsyncInterfaces (>= 1.1.1)
      System.Diagnostics.DiagnosticSource (>= 6.0.1)
      System.Memory.Data (>= 1.0.2)
      System.Reflection.TypeExtensions (>= 4.7)
      System.Threading.Channels (>= 4.7.1)
      System.Threading.Tasks.Extensions (>= 4.5.4)
    Azure.Messaging.EventHubs.Processor (5.11.5)
      Azure.Messaging.EventHubs (>= 5.11.5)
      Azure.Storage.Blobs (>= 12.21.1)
      Microsoft.Azure.Amqp (>= 2.6.7)
      Microsoft.Bcl.AsyncInterfaces (>= 6.0)
      System.Diagnostics.DiagnosticSource (>= 6.0.1)
      System.Reflection.TypeExtensions (>= 4.7)
      System.Threading.Channels (>= 6.0)
      System.Threading.Tasks.Extensions (>= 4.5.4)
    Azure.Security.KeyVault.Certificates (4.6)
      Azure.Core (>= 1.37)
      System.Memory (>= 4.5.4)
      System.Text.Json (>= 4.7.2)
      System.Threading.Tasks.Extensions (>= 4.5.4)
    Azure.Security.KeyVault.Secrets (4.6)
      Azure.Core (>= 1.37)
      System.Memory (>= 4.5.4)
      System.Text.Json (>= 4.7.2)
      System.Threading.Tasks.Extensions (>= 4.5.4)
    Azure.Storage.Blobs (12.21.2)
      Azure.Storage.Common (>= 12.20.1)
      System.Text.Json (>= 4.7.2)
    Azure.Storage.Common (12.20.1)
      Azure.Core (>= 1.41)
      System.IO.Hashing (>= 6.0)
    CliWrap (3.6.6)
    Daffer (1.0.3)
      Dapper (>= 2.0.123)
      FSharp.Core (>= 6.0.6)
    Dapper (2.1.44)
    DiffEngine (15.6)
      EmptyFiles (>= 8.6)
      System.Management (>= 8.0)
    Docker.DotNet (3.125.15)
      Newtonsoft.Json (>= 13.0.1)
      System.Buffers (>= 4.5.1)
      System.Threading.Tasks.Extensions (>= 4.5.4)
    Docker.DotNet.X509 (3.125.15)
      Docker.DotNet (>= 3.125.15)
    DotNetty.Buffers (0.7.6)
      DotNetty.Common (>= 0.7.6)
      System.Runtime.CompilerServices.Unsafe (>= 5.0)
    DotNetty.Codecs (0.7.6)
      DotNetty.Buffers (>= 0.7.6)
      DotNetty.Common (>= 0.7.6)
      DotNetty.Transport (>= 0.7.6)
      System.Collections.Immutable (>= 1.5)
    DotNetty.Common (0.7.6)
      Microsoft.Extensions.Logging (>= 5.0)
      System.Runtime.CompilerServices.Unsafe (>= 5.0)
    DotNetty.Handlers (0.7.6)
      DotNetty.Buffers (>= 0.7.6)
      DotNetty.Codecs (>= 0.7.6)
      DotNetty.Common (>= 0.7.6)
      DotNetty.Transport (>= 0.7.6)
    DotNetty.Transport (0.7.6)
      DotNetty.Buffers (>= 0.7.6)
      DotNetty.Common (>= 0.7.6)
    EmptyFiles (8.6)
    Expecto (10.2.1)
      FSharp.Core (>= 7.0.200)
      Mono.Cecil (>= 0.11.4 < 1.0)
    Expecto.FsCheck (10.2.1)
      Expecto (>= 10.2.1)
      FsCheck (>= 2.16.5 < 3.0)
    Fable.Remoting.Json (2.24)
      FSharp.Core (>= 6.0)
      Newtonsoft.Json (>= 12.0.2)
    Fare (2.2.1)
    FluentAssertions (6.12)
      System.Configuration.ConfigurationManager (>= 4.4)
    FsCheck (2.16.6)
      FSharp.Core (>= 4.2.3)
    FSharp.Control.AsyncSeq (3.2.1)
      FSharp.Core (>= 4.7.2)
      Microsoft.Bcl.AsyncInterfaces (>= 5.0)
    FSharp.Core (9.0.100)
    FSharp.Data (6.4)
      FSharp.Core (>= 6.0.1)
      FSharp.Data.Csv.Core (>= 6.4)
      FSharp.Data.Html.Core (>= 6.4)
      FSharp.Data.Http (>= 6.4)
      FSharp.Data.Json.Core (>= 6.4)
      FSharp.Data.Runtime.Utilities (>= 6.4)
      FSharp.Data.WorldBank.Core (>= 6.4)
      FSharp.Data.Xml.Core (>= 6.4)
    FSharp.Data.Csv.Core (6.4)
      FSharp.Core (>= 6.0.1)
      FSharp.Data.Runtime.Utilities (>= 6.4)
    FSharp.Data.Html.Core (6.4)
      FSharp.Core (>= 6.0.1)
      FSharp.Data.Csv.Core (>= 6.4)
      FSharp.Data.Runtime.Utilities (>= 6.4)
    FSharp.Data.Http (6.4)
      FSharp.Core (>= 6.0.1)
    FSharp.Data.Json.Core (6.4)
      FSharp.Core (>= 6.0.1)
      FSharp.Data.Http (>= 6.4)
      FSharp.Data.Runtime.Utilities (>= 6.4)
    FSharp.Data.Runtime.Utilities (6.4)
      FSharp.Core (>= 6.0.1)
      FSharp.Data.Http (>= 6.4)
    FSharp.Data.WorldBank.Core (6.4)
      FSharp.Core (>= 6.0.1)
      FSharp.Data.Http (>= 6.4)
      FSharp.Data.Json.Core (>= 6.4)
      FSharp.Data.Runtime.Utilities (>= 6.4)
    FSharp.Data.Xml.Core (6.4)
      FSharp.Core (>= 6.0.1)
      FSharp.Data.Http (>= 6.4)
      FSharp.Data.Json.Core (>= 6.4)
      FSharp.Data.Runtime.Utilities (>= 6.4)
    FSharp.Quotations.Evaluator (2.1)
      FSharp.Core (>= 4.3.1)
    FSharp.SystemTextJson (1.3.13)
      FSharp.Core (>= 4.7)
      System.Text.Json (>= 6.0)
    FsPickler (5.3.2)
      FSharp.Core (>= 4.3.2)
      System.Reflection.Emit.Lightweight (>= 4.3)
    FsToolkit.ErrorHandling (4.16)
      FSharp.Core (>= 7.0.300)
    FsToolkit.ErrorHandling.TaskResult (4.16)
      FsToolkit.ErrorHandling (>= 4.16)
    Giraffe (6.3)
      FSharp.Core (>= 6.0)
      Giraffe.ViewEngine (>= 1.4)
      Microsoft.IO.RecyclableMemoryStream (>= 2.2.1)
      Newtonsoft.Json (>= 13.0.3)
      System.Text.Json (>= 7.0.4)
    Giraffe.SerilogExtensions (2.2)
      Fable.Remoting.Json (>= 2.17)
      FSharp.Core (>= 6.0.5)
      Giraffe (>= 6.0 < 7.0)
      Microsoft.AspNetCore.Http (>= 2.2.2)
      Serilog (>= 2.10)
    Giraffe.ViewEngine (1.4)
      FSharp.Core (>= 5.0)
    Google.Protobuf (3.28)
    GraphQL (8.0.2)
      GraphQL-Parser (>= 9.5)
      GraphQL.Analyzers (>= 8.0.2)
    GraphQL-Parser (9.5)
    GraphQL.Analyzers (8.0.2)
    GraphQL.NewtonsoftJson (8.0.2)
      GraphQL (>= 8.0.2 < 9.0)
      Newtonsoft.Json (>= 13.0.3)
      System.Buffers (>= 4.5.1)
    Grpc.Core.Api (2.65)
    Grpc.Net.Client (2.65)
      Grpc.Net.Common (>= 2.65)
      Microsoft.Extensions.Logging.Abstractions (>= 6.0)
    Grpc.Net.Common (2.65)
      Grpc.Core.Api (>= 2.65)
    Handlebars.Net (2.1.6)
    Handlebars.Net.Helpers (2.4.5)
      Handlebars.Net.Helpers.Core (>= 2.4.5)
    Handlebars.Net.Helpers.Core (2.4.5)
      Handlebars.Net (>= 2.1.6)
      Stef.Validation (>= 0.1.1)
    Handlebars.Net.Helpers.DynamicLinq (2.4.5)
      Handlebars.Net.Helpers (>= 2.4.5)
      Handlebars.Net.Helpers.Core (>= 2.4.5)
      Handlebars.Net.Helpers.Json (>= 2.4.5)
      System.Linq.Dynamic.Core (>= 1.3.12)
    Handlebars.Net.Helpers.Humanizer (2.4.5)
      Handlebars.Net.Helpers (>= 2.4.5)
      Handlebars.Net.Helpers.Core (>= 2.4.5)
      Humanizer (>= 2.14.1)
    Handlebars.Net.Helpers.Json (2.4.5)
      Handlebars.Net.Helpers (>= 2.4.5)
      Handlebars.Net.Helpers.Core (>= 2.4.5)
      Newtonsoft.Json (>= 13.0.3)
    Handlebars.Net.Helpers.Random (2.4.5)
      Handlebars.Net.Helpers (>= 2.4.5)
      Handlebars.Net.Helpers.Core (>= 2.4.5)
      RandomDataGenerator.Net (>= 1.0.17)
    Handlebars.Net.Helpers.Xeger (2.4.5)
      Fare (>= 2.2.1)
      Handlebars.Net.Helpers (>= 2.4.5)
      Handlebars.Net.Helpers.Core (>= 2.4.5)
    Handlebars.Net.Helpers.XPath (2.4.5)
      Handlebars.Net.Helpers (>= 2.4.5)
      Handlebars.Net.Helpers.Core (>= 2.4.5)
      XPath2.Extensions (>= 1.1.5)
    Handlebars.Net.Helpers.Xslt (2.4.5)
      Handlebars.Net.Helpers (>= 2.4.5)
      Handlebars.Net.Helpers.Core (>= 2.4.5)
      System.Xml.XmlDocument (>= 4.3)
    Humanizer (2.14.1)
      Humanizer.Core.af (>= 2.14.1)
      Humanizer.Core.ar (>= 2.14.1)
      Humanizer.Core.az (>= 2.14.1)
      Humanizer.Core.bg (>= 2.14.1)
      Humanizer.Core.bn-BD (>= 2.14.1)
      Humanizer.Core.cs (>= 2.14.1)
      Humanizer.Core.da (>= 2.14.1)
      Humanizer.Core.de (>= 2.14.1)
      Humanizer.Core.el (>= 2.14.1)
      Humanizer.Core.es (>= 2.14.1)
      Humanizer.Core.fa (>= 2.14.1)
      Humanizer.Core.fi-FI (>= 2.14.1)
      Humanizer.Core.fr (>= 2.14.1)
      Humanizer.Core.fr-BE (>= 2.14.1)
      Humanizer.Core.he (>= 2.14.1)
      Humanizer.Core.hr (>= 2.14.1)
      Humanizer.Core.hu (>= 2.14.1)
      Humanizer.Core.hy (>= 2.14.1)
      Humanizer.Core.id (>= 2.14.1)
      Humanizer.Core.is (>= 2.14.1)
      Humanizer.Core.it (>= 2.14.1)
      Humanizer.Core.ja (>= 2.14.1)
      Humanizer.Core.ko-KR (>= 2.14.1)
      Humanizer.Core.ku (>= 2.14.1)
      Humanizer.Core.lv (>= 2.14.1)
      Humanizer.Core.ms-MY (>= 2.14.1)
      Humanizer.Core.mt (>= 2.14.1)
      Humanizer.Core.nb (>= 2.14.1)
      Humanizer.Core.nb-NO (>= 2.14.1)
      Humanizer.Core.nl (>= 2.14.1)
      Humanizer.Core.pl (>= 2.14.1)
      Humanizer.Core.pt (>= 2.14.1)
      Humanizer.Core.ro (>= 2.14.1)
      Humanizer.Core.ru (>= 2.14.1)
      Humanizer.Core.sk (>= 2.14.1)
      Humanizer.Core.sl (>= 2.14.1)
      Humanizer.Core.sr (>= 2.14.1)
      Humanizer.Core.sr-Latn (>= 2.14.1)
      Humanizer.Core.sv (>= 2.14.1)
      Humanizer.Core.th-TH (>= 2.14.1)
      Humanizer.Core.tr (>= 2.14.1)
      Humanizer.Core.uk (>= 2.14.1)
      Humanizer.Core.uz-Cyrl-UZ (>= 2.14.1)
      Humanizer.Core.uz-Latn-UZ (>= 2.14.1)
      Humanizer.Core.vi (>= 2.14.1)
      Humanizer.Core.zh-CN (>= 2.14.1)
      Humanizer.Core.zh-Hans (>= 2.14.1)
      Humanizer.Core.zh-Hant (>= 2.14.1)
    Humanizer.Core (2.14.1)
    Humanizer.Core.af (2.14.1)
      Humanizer.Core (2.14.1)
    Humanizer.Core.ar (2.14.1)
      Humanizer.Core (2.14.1)
    Humanizer.Core.az (2.14.1)
      Humanizer.Core (2.14.1)
    Humanizer.Core.bg (2.14.1)
      Humanizer.Core (2.14.1)
    Humanizer.Core.bn-BD (2.14.1)
      Humanizer.Core (2.14.1)
    Humanizer.Core.cs (2.14.1)
      Humanizer.Core (2.14.1)
    Humanizer.Core.da (2.14.1)
      Humanizer.Core (2.14.1)
    Humanizer.Core.de (2.14.1)
      Humanizer.Core (2.14.1)
    Humanizer.Core.el (2.14.1)
      Humanizer.Core (2.14.1)
    Humanizer.Core.es (2.14.1)
      Humanizer.Core (2.14.1)
    Humanizer.Core.fa (2.14.1)
      Humanizer.Core (2.14.1)
    Humanizer.Core.fi-FI (2.14.1)
      Humanizer.Core (2.14.1)
    Humanizer.Core.fr (2.14.1)
      Humanizer.Core (2.14.1)
    Humanizer.Core.fr-BE (2.14.1)
      Humanizer.Core (2.14.1)
    Humanizer.Core.he (2.14.1)
      Humanizer.Core (2.14.1)
    Humanizer.Core.hr (2.14.1)
      Humanizer.Core (2.14.1)
    Humanizer.Core.hu (2.14.1)
      Humanizer.Core (2.14.1)
    Humanizer.Core.hy (2.14.1)
      Humanizer.Core (2.14.1)
    Humanizer.Core.id (2.14.1)
      Humanizer.Core (2.14.1)
    Humanizer.Core.is (2.14.1)
      Humanizer.Core (2.14.1)
    Humanizer.Core.it (2.14.1)
      Humanizer.Core (2.14.1)
    Humanizer.Core.ja (2.14.1)
      Humanizer.Core (2.14.1)
    Humanizer.Core.ko-KR (2.14.1)
      Humanizer.Core (2.14.1)
    Humanizer.Core.ku (2.14.1)
      Humanizer.Core (2.14.1)
    Humanizer.Core.lv (2.14.1)
      Humanizer.Core (2.14.1)
    Humanizer.Core.ms-MY (2.14.1)
      Humanizer.Core (2.14.1)
    Humanizer.Core.mt (2.14.1)
      Humanizer.Core (2.14.1)
    Humanizer.Core.nb (2.14.1)
      Humanizer.Core (2.14.1)
    Humanizer.Core.nb-NO (2.14.1)
      Humanizer.Core (2.14.1)
    Humanizer.Core.nl (2.14.1)
      Humanizer.Core (2.14.1)
    Humanizer.Core.pl (2.14.1)
      Humanizer.Core (2.14.1)
    Humanizer.Core.pt (2.14.1)
      Humanizer.Core (2.14.1)
    Humanizer.Core.ro (2.14.1)
      Humanizer.Core (2.14.1)
    Humanizer.Core.ru (2.14.1)
      Humanizer.Core (2.14.1)
    Humanizer.Core.sk (2.14.1)
      Humanizer.Core (2.14.1)
    Humanizer.Core.sl (2.14.1)
      Humanizer.Core (2.14.1)
    Humanizer.Core.sr (2.14.1)
      Humanizer.Core (2.14.1)
    Humanizer.Core.sr-Latn (2.14.1)
      Humanizer.Core (2.14.1)
    Humanizer.Core.sv (2.14.1)
      Humanizer.Core (2.14.1)
    Humanizer.Core.th-TH (2.14.1)
      Humanizer.Core (2.14.1)
    Humanizer.Core.tr (2.14.1)
      Humanizer.Core (2.14.1)
    Humanizer.Core.uk (2.14.1)
      Humanizer.Core (2.14.1)
    Humanizer.Core.uz-Cyrl-UZ (2.14.1)
      Humanizer.Core (2.14.1)
    Humanizer.Core.uz-Latn-UZ (2.14.1)
      Humanizer.Core (2.14.1)
    Humanizer.Core.vi (2.14.1)
      Humanizer.Core (2.14.1)
    Humanizer.Core.zh-CN (2.14.1)
      Humanizer.Core (2.14.1)
    Humanizer.Core.zh-Hans (2.14.1)
      Humanizer.Core (2.14.1)
    Humanizer.Core.zh-Hant (2.14.1)
      Humanizer.Core (2.14.1)
    Hyperion (0.12.2)
      Microsoft.CSharp (>= 4.7)
      System.Collections.Immutable (>= 5.0)
      System.Runtime (>= 4.3.1)
      System.Runtime.Serialization.Primitives (>= 4.3)
    IdentityModel (7.0)
    IdentityModel.AspNetCore (4.3)
      IdentityModel (>= 6.0)
      Microsoft.AspNetCore.Authentication.OpenIdConnect (>= 6.0)
    JmesPath.Net (1.0.330)
      JmesPath.Net.Parser (>= 1.0.330)
      NETStandard.Library (>= 1.6.1)
      Newtonsoft.Json (>= 13.0.1)
      System.Reflection.TypeExtensions (>= 4.7)
      System.ValueTuple (>= 4.5)
    JmesPath.Net.Parser (1.0.330)
      NETStandard.Library (>= 1.6.1)
      Springcomp.GPLEX.Runtime (>= 1.2.4)
      Springcomp.GPPG.Runtime (>= 1.2.4)
      System.Reflection.TypeExtensions (>= 4.7)
    jose-jwt (5.0)
      System.Security.Cryptography.Algorithms (>= 4.3.1)
      System.Security.Cryptography.Cng (>= 4.7)
      System.Text.Json (>= 5.0.2)
    JsonConverter.Abstractions (0.6)
    JsonConverter.Newtonsoft.Json (0.6)
      JsonConverter.Abstractions (>= 0.6)
      Newtonsoft.Json (>= 13.0.1)
      Stef.Validation (>= 0.1.1)
    LaunchDarkly.Cache (1.0.2)
    LaunchDarkly.CommonSdk (7.0)
      LaunchDarkly.Logging (>= 2.0)
      System.Collections.Immutable (>= 1.7.1)
    LaunchDarkly.EventSource (5.1)
      LaunchDarkly.Logging (>= 2.0 < 3.0)
    LaunchDarkly.InternalSdk (3.4)
      LaunchDarkly.CommonSdk (>= 7.0)
      LaunchDarkly.Logging (>= 2.0 < 3.0)
      System.Collections.Immutable (>= 1.7.1)
    LaunchDarkly.Logging (2.0)
      Microsoft.Extensions.Logging.Abstractions (>= 6.0)
    LaunchDarkly.ServerSdk (8.5.2)
      LaunchDarkly.Cache (>= 1.0.2)
      LaunchDarkly.CommonSdk (>= 7.0)
      LaunchDarkly.EventSource (>= 5.1)
      LaunchDarkly.InternalSdk (>= 3.4)
      LaunchDarkly.Logging (>= 2.0)
      System.Collections.Immutable (>= 1.7.1)
    LightningDB (0.16)
      System.Memory (>= 4.5.5)
    MetadataReferenceService.Abstractions (0.0.1)
      Microsoft.CodeAnalysis.CSharp (>= 4.8)
      Stef.Validation (>= 0.1.1)
    MetadataReferenceService.Default (0.0.1)
      MetadataReferenceService.Abstractions (>= 0.0.1)
    Microsoft.AspNetCore.Authentication.JwtBearer (8.0.8)
      Microsoft.IdentityModel.Protocols.OpenIdConnect (>= 7.1.2)
    Microsoft.AspNetCore.Authentication.OpenIdConnect (8.0.8)
      Microsoft.IdentityModel.Protocols.OpenIdConnect (>= 7.1.2)
    Microsoft.AspNetCore.Connections.Abstractions (9.0.4)
      Microsoft.Extensions.Features (>= 9.0.4)
    Microsoft.AspNetCore.Http (2.2.2)
      Microsoft.AspNetCore.Http.Abstractions (>= 2.2)
      Microsoft.AspNetCore.WebUtilities (>= 2.2)
      Microsoft.Extensions.ObjectPool (>= 2.2)
      Microsoft.Extensions.Options (>= 2.2)
      Microsoft.Net.Http.Headers (>= 2.2)
    Microsoft.AspNetCore.Http.Abstractions (2.2)
      Microsoft.AspNetCore.Http.Features (>= 2.2)
      System.Text.Encodings.Web (>= 4.5)
    Microsoft.AspNetCore.Http.Connections.Client (9.0.4)
      Microsoft.AspNetCore.Http.Connections.Common (>= 9.0.4)
      Microsoft.Extensions.Logging.Abstractions (>= 9.0.4)
      Microsoft.Extensions.Options (>= 9.0.4)
      System.Net.ServerSentEvents (>= 9.0.4)
    Microsoft.AspNetCore.Http.Connections.Common (9.0.4)
      Microsoft.AspNetCore.Connections.Abstractions (>= 9.0.4)
    Microsoft.AspNetCore.Http.Features (5.0.17)
      Microsoft.Extensions.Primitives (>= 5.0.1)
      System.IO.Pipelines (>= 5.0.2)
    Microsoft.AspNetCore.Mvc.Testing (8.0.8)
      Microsoft.AspNetCore.TestHost (>= 8.0.8)
      Microsoft.Extensions.DependencyModel (>= 8.0.1)
      Microsoft.Extensions.Hosting (>= 8.0)
    Microsoft.AspNetCore.SignalR.Client (9.0.4)
      Microsoft.AspNetCore.Http.Connections.Client (>= 9.0.4)
      Microsoft.AspNetCore.SignalR.Client.Core (>= 9.0.4)
    Microsoft.AspNetCore.SignalR.Client.Core (9.0.4)
      Microsoft.AspNetCore.SignalR.Common (>= 9.0.4)
      Microsoft.AspNetCore.SignalR.Protocols.Json (>= 9.0.4)
      Microsoft.Extensions.DependencyInjection (>= 9.0.4)
      Microsoft.Extensions.Logging (>= 9.0.4)
      System.Threading.Channels (>= 9.0.4)
    Microsoft.AspNetCore.SignalR.Common (9.0.4)
      Microsoft.AspNetCore.Connections.Abstractions (>= 9.0.4)
      Microsoft.Extensions.Options (>= 9.0.4)
    Microsoft.AspNetCore.SignalR.Protocols.Json (9.0.4)
      Microsoft.AspNetCore.SignalR.Common (>= 9.0.4)
    Microsoft.AspNetCore.TestHost (8.0.8)
      System.IO.Pipelines (>= 8.0)
    Microsoft.AspNetCore.WebUtilities (8.0.8)
      Microsoft.Net.Http.Headers (>= 8.0.8)
      System.IO.Pipelines (>= 8.0)
    Microsoft.Azure.Amqp (2.6.9)
    Microsoft.Azure.KeyVault (3.0.5)
      Microsoft.Azure.KeyVault.WebKey (>= 3.0.5)
      Microsoft.Rest.ClientRuntime (>= 2.3.20 < 3.0)
      Microsoft.Rest.ClientRuntime.Azure (>= 3.3.18 < 4.0)
      Newtonsoft.Json (>= 10.0.3)
      System.Net.Http (>= 4.3.4)
    Microsoft.Azure.KeyVault.Core (3.0.5)
      Microsoft.Rest.ClientRuntime (>= 2.3.20 < 3.0)
      Microsoft.Rest.ClientRuntime.Azure (>= 3.3.18 < 4.0)
      Newtonsoft.Json (>= 10.0.3)
      System.Net.Http (>= 4.3.4)
    Microsoft.Azure.KeyVault.WebKey (3.0.5)
      Microsoft.Rest.ClientRuntime (>= 2.3.20 < 3.0)
      Microsoft.Rest.ClientRuntime.Azure (>= 3.3.18 < 4.0)
      Newtonsoft.Json (>= 10.0.3)
      System.Collections (>= 4.3)
      System.Collections.Concurrent (>= 4.3)
      System.Linq (>= 4.3)
      System.Net.Http (>= 4.3.4)
      System.Runtime (>= 4.3)
      System.Security.Cryptography.Algorithms (>= 4.3)
      System.Security.Cryptography.Cng (>= 4.3)
    Microsoft.Azure.Services.AppAuthentication (1.6.2)
      Microsoft.IdentityModel.Clients.ActiveDirectory (>= 5.2.9)
      System.Diagnostics.Process (>= 4.3)
    Microsoft.Azure.SignalR (1.27)
      Azure.Identity (>= 1.11.4)
      Microsoft.Azure.SignalR.Protocols (>= 1.27)
      Microsoft.Extensions.Http (>= 2.1)
      Newtonsoft.Json (>= 13.0.3)
    Microsoft.Azure.SignalR.Protocols (1.27)
      Microsoft.Extensions.Primitives (>= 2.1.1)
      System.Buffers (>= 4.5.1)
      System.Memory (>= 4.5.4)
      System.Runtime.CompilerServices.Unsafe (>= 6.0)
    Microsoft.Azure.Storage.Common (11.2.3)
      Microsoft.Azure.KeyVault.Core (>= 2.0.4)
      NETStandard.Library (>= 2.0.1)
      Newtonsoft.Json (>= 10.0.2)
    Microsoft.Bcl.AsyncInterfaces (8.0)
    Microsoft.CodeAnalysis.Analyzers (3.3.4)
    Microsoft.CodeAnalysis.Common (4.11)
      Microsoft.CodeAnalysis.Analyzers (>= 3.3.4)
      System.Collections.Immutable (>= 8.0)
      System.Reflection.Metadata (>= 8.0)
    Microsoft.CodeAnalysis.CSharp (4.11)
      Microsoft.CodeAnalysis.Analyzers (>= 3.3.4)
      Microsoft.CodeAnalysis.Common (4.11)
      System.Collections.Immutable (>= 8.0)
      System.Reflection.Metadata (>= 8.0)
    Microsoft.CodeCoverage (17.11)
    Microsoft.CSharp (4.7)
    Microsoft.Extensions.Azure (1.7.5)
      Azure.Core (>= 1.42)
      Azure.Identity (>= 1.12)
      Microsoft.Extensions.Configuration.Abstractions (>= 2.1)
      Microsoft.Extensions.Configuration.Binder (>= 2.1)
      Microsoft.Extensions.DependencyInjection.Abstractions (>= 2.1)
      Microsoft.Extensions.Logging.Abstractions (>= 2.1)
      Microsoft.Extensions.Options (>= 2.1)
    Microsoft.Extensions.Configuration (8.0)
      Microsoft.Extensions.Configuration.Abstractions (>= 8.0)
      Microsoft.Extensions.Primitives (>= 8.0)
    Microsoft.Extensions.Configuration.Abstractions (9.0.4)
      Microsoft.Extensions.Primitives (>= 9.0.4)
    Microsoft.Extensions.Configuration.Binder (8.0.2)
      Microsoft.Extensions.Configuration.Abstractions (>= 8.0)
    Microsoft.Extensions.Configuration.CommandLine (8.0)
      Microsoft.Extensions.Configuration (>= 8.0)
      Microsoft.Extensions.Configuration.Abstractions (>= 8.0)
    Microsoft.Extensions.Configuration.EnvironmentVariables (8.0)
      Microsoft.Extensions.Configuration (>= 8.0)
      Microsoft.Extensions.Configuration.Abstractions (>= 8.0)
    Microsoft.Extensions.Configuration.FileExtensions (8.0.1)
      Microsoft.Extensions.Configuration (>= 8.0)
      Microsoft.Extensions.Configuration.Abstractions (>= 8.0)
      Microsoft.Extensions.FileProviders.Abstractions (>= 8.0)
      Microsoft.Extensions.FileProviders.Physical (>= 8.0)
      Microsoft.Extensions.Primitives (>= 8.0)
    Microsoft.Extensions.Configuration.Json (8.0)
      Microsoft.Extensions.Configuration (>= 8.0)
      Microsoft.Extensions.Configuration.Abstractions (>= 8.0)
      Microsoft.Extensions.Configuration.FileExtensions (>= 8.0)
      Microsoft.Extensions.FileProviders.Abstractions (>= 8.0)
      System.Text.Json (>= 8.0)
    Microsoft.Extensions.Configuration.UserSecrets (8.0)
      Microsoft.Extensions.Configuration.Abstractions (>= 8.0)
      Microsoft.Extensions.Configuration.Json (>= 8.0)
      Microsoft.Extensions.FileProviders.Abstractions (>= 8.0)
      Microsoft.Extensions.FileProviders.Physical (>= 8.0)
    Microsoft.Extensions.DependencyInjection (9.0.4)
      Microsoft.Extensions.DependencyInjection.Abstractions (>= 9.0.4)
    Microsoft.Extensions.DependencyInjection.Abstractions (9.0.4)
    Microsoft.Extensions.DependencyModel (8.0.1)
      System.Text.Encodings.Web (>= 8.0)
      System.Text.Json (>= 8.0.4)
    Microsoft.Extensions.Diagnostics (8.0)
      Microsoft.Extensions.Configuration (>= 8.0)
      Microsoft.Extensions.Diagnostics.Abstractions (>= 8.0)
      Microsoft.Extensions.Options.ConfigurationExtensions (>= 8.0)
    Microsoft.Extensions.Diagnostics.Abstractions (9.0.4)
      Microsoft.Extensions.DependencyInjection.Abstractions (>= 9.0.4)
      Microsoft.Extensions.Options (>= 9.0.4)
    Microsoft.Extensions.Diagnostics.HealthChecks (9.0.4)
      Microsoft.Extensions.Diagnostics.HealthChecks.Abstractions (>= 9.0.4)
      Microsoft.Extensions.Hosting.Abstractions (>= 9.0.4)
      Microsoft.Extensions.Logging.Abstractions (>= 9.0.4)
      Microsoft.Extensions.Options (>= 9.0.4)
    Microsoft.Extensions.Diagnostics.HealthChecks.Abstractions (9.0.4)
    Microsoft.Extensions.Features (9.0.4)
    Microsoft.Extensions.FileProviders.Abstractions (9.0.4)
      Microsoft.Extensions.Primitives (>= 9.0.4)
    Microsoft.Extensions.FileProviders.Physical (8.0)
      Microsoft.Extensions.FileProviders.Abstractions (>= 8.0)
      Microsoft.Extensions.FileSystemGlobbing (>= 8.0)
      Microsoft.Extensions.Primitives (>= 8.0)
    Microsoft.Extensions.FileSystemGlobbing (8.0)
    Microsoft.Extensions.Hosting (8.0)
      Microsoft.Extensions.Configuration (>= 8.0)
      Microsoft.Extensions.Configuration.Abstractions (>= 8.0)
      Microsoft.Extensions.Configuration.Binder (>= 8.0)
      Microsoft.Extensions.Configuration.CommandLine (>= 8.0)
      Microsoft.Extensions.Configuration.EnvironmentVariables (>= 8.0)
      Microsoft.Extensions.Configuration.FileExtensions (>= 8.0)
      Microsoft.Extensions.Configuration.Json (>= 8.0)
      Microsoft.Extensions.Configuration.UserSecrets (>= 8.0)
      Microsoft.Extensions.DependencyInjection (>= 8.0)
      Microsoft.Extensions.DependencyInjection.Abstractions (>= 8.0)
      Microsoft.Extensions.Diagnostics (>= 8.0)
      Microsoft.Extensions.FileProviders.Abstractions (>= 8.0)
      Microsoft.Extensions.FileProviders.Physical (>= 8.0)
      Microsoft.Extensions.Hosting.Abstractions (>= 8.0)
      Microsoft.Extensions.Logging (>= 8.0)
      Microsoft.Extensions.Logging.Abstractions (>= 8.0)
      Microsoft.Extensions.Logging.Configuration (>= 8.0)
      Microsoft.Extensions.Logging.Console (>= 8.0)
      Microsoft.Extensions.Logging.Debug (>= 8.0)
      Microsoft.Extensions.Logging.EventLog (>= 8.0)
      Microsoft.Extensions.Logging.EventSource (>= 8.0)
      Microsoft.Extensions.Options (>= 8.0)
    Microsoft.Extensions.Hosting.Abstractions (9.0.4)
      Microsoft.Extensions.Configuration.Abstractions (>= 9.0.4)
      Microsoft.Extensions.DependencyInjection.Abstractions (>= 9.0.4)
      Microsoft.Extensions.Diagnostics.Abstractions (>= 9.0.4)
      Microsoft.Extensions.FileProviders.Abstractions (>= 9.0.4)
      Microsoft.Extensions.Logging.Abstractions (>= 9.0.4)
    Microsoft.Extensions.Http (8.0)
      Microsoft.Extensions.Configuration.Abstractions (>= 8.0)
      Microsoft.Extensions.DependencyInjection.Abstractions (>= 8.0)
      Microsoft.Extensions.Diagnostics (>= 8.0)
      Microsoft.Extensions.Logging (>= 8.0)
      Microsoft.Extensions.Logging.Abstractions (>= 8.0)
      Microsoft.Extensions.Options (>= 8.0)
    Microsoft.Extensions.Http.Polly (8.0.8)
      Microsoft.Extensions.Http (>= 8.0)
      Polly (>= 7.2.4)
      Polly.Extensions.Http (>= 3.0)
    Microsoft.Extensions.Logging (9.0.4)
      Microsoft.Extensions.DependencyInjection (>= 9.0.4)
      Microsoft.Extensions.Logging.Abstractions (>= 9.0.4)
      Microsoft.Extensions.Options (>= 9.0.4)
    Microsoft.Extensions.Logging.Abstractions (9.0.4)
      Microsoft.Extensions.DependencyInjection.Abstractions (>= 9.0.4)
    Microsoft.Extensions.Logging.Configuration (8.0)
      Microsoft.Extensions.Configuration (>= 8.0)
      Microsoft.Extensions.Configuration.Abstractions (>= 8.0)
      Microsoft.Extensions.Configuration.Binder (>= 8.0)
      Microsoft.Extensions.DependencyInjection.Abstractions (>= 8.0)
      Microsoft.Extensions.Logging (>= 8.0)
      Microsoft.Extensions.Logging.Abstractions (>= 8.0)
      Microsoft.Extensions.Options (>= 8.0)
      Microsoft.Extensions.Options.ConfigurationExtensions (>= 8.0)
    Microsoft.Extensions.Logging.Console (8.0)
      Microsoft.Extensions.DependencyInjection.Abstractions (>= 8.0)
      Microsoft.Extensions.Logging (>= 8.0)
      Microsoft.Extensions.Logging.Abstractions (>= 8.0)
      Microsoft.Extensions.Logging.Configuration (>= 8.0)
      Microsoft.Extensions.Options (>= 8.0)
      System.Text.Json (>= 8.0)
    Microsoft.Extensions.Logging.Debug (8.0)
      Microsoft.Extensions.DependencyInjection.Abstractions (>= 8.0)
      Microsoft.Extensions.Logging (>= 8.0)
      Microsoft.Extensions.Logging.Abstractions (>= 8.0)
    Microsoft.Extensions.Logging.EventLog (8.0)
      Microsoft.Extensions.DependencyInjection.Abstractions (>= 8.0)
      Microsoft.Extensions.Logging (>= 8.0)
      Microsoft.Extensions.Logging.Abstractions (>= 8.0)
      Microsoft.Extensions.Options (>= 8.0)
      System.Diagnostics.EventLog (>= 8.0)
    Microsoft.Extensions.Logging.EventSource (8.0)
      Microsoft.Extensions.DependencyInjection.Abstractions (>= 8.0)
      Microsoft.Extensions.Logging (>= 8.0)
      Microsoft.Extensions.Logging.Abstractions (>= 8.0)
      Microsoft.Extensions.Options (>= 8.0)
      Microsoft.Extensions.Primitives (>= 8.0)
      System.Text.Json (>= 8.0)
    Microsoft.Extensions.ObjectPool (8.0.8)
    Microsoft.Extensions.Options (9.0.4)
      Microsoft.Extensions.DependencyInjection.Abstractions (>= 9.0.4)
      Microsoft.Extensions.Primitives (>= 9.0.4)
    Microsoft.Extensions.Options.ConfigurationExtensions (8.0)
      Microsoft.Extensions.Configuration.Abstractions (>= 8.0)
      Microsoft.Extensions.Configuration.Binder (>= 8.0)
      Microsoft.Extensions.DependencyInjection.Abstractions (>= 8.0)
      Microsoft.Extensions.Options (>= 8.0)
      Microsoft.Extensions.Primitives (>= 8.0)
    Microsoft.Extensions.Primitives (9.0.4)
    Microsoft.Extensions.TimeProvider.Testing (8.8)
    Microsoft.Identity.Client (4.64)
      Microsoft.IdentityModel.Abstractions (>= 6.35)
      System.Diagnostics.DiagnosticSource (>= 6.0.1)
    Microsoft.Identity.Client.Extensions.Msal (4.64)
      Microsoft.Identity.Client (>= 4.64)
      System.Security.Cryptography.ProtectedData (>= 4.5)
    Microsoft.IdentityModel.Abstractions (8.0.2)
    Microsoft.IdentityModel.Clients.ActiveDirectory (5.3)
      Microsoft.CSharp (>= 4.3)
      NETStandard.Library (>= 1.6.1)
      System.ComponentModel.TypeConverter (>= 4.3)
      System.Dynamic.Runtime (>= 4.3)
      System.Net.Http (>= 4.3.4)
      System.Private.Uri (>= 4.3.2)
      System.Runtime.Serialization.Formatters (>= 4.3)
      System.Runtime.Serialization.Json (>= 4.3)
      System.Runtime.Serialization.Primitives (>= 4.3)
      System.Security.Cryptography.X509Certificates (>= 4.3)
      System.Security.SecureString (>= 4.3)
      System.Xml.XDocument (>= 4.3)
      System.Xml.XmlDocument (>= 4.3)
    Microsoft.IdentityModel.JsonWebTokens (8.0.2)
      Microsoft.IdentityModel.Tokens (>= 8.0.2)
    Microsoft.IdentityModel.Logging (8.0.2)
      Microsoft.IdentityModel.Abstractions (>= 8.0.2)
    Microsoft.IdentityModel.Protocols (8.0.2)
      Microsoft.IdentityModel.Tokens (>= 8.0.2)
    Microsoft.IdentityModel.Protocols.OpenIdConnect (8.0.2)
      Microsoft.IdentityModel.Protocols (>= 8.0.2)
      System.IdentityModel.Tokens.Jwt (>= 8.0.2)
    Microsoft.IdentityModel.Tokens (8.0.2)
      Microsoft.IdentityModel.Logging (>= 8.0.2)
    Microsoft.IO.RecyclableMemoryStream (2.3.2)
    Microsoft.Net.Http.Headers (8.0.8)
      Microsoft.Extensions.Primitives (>= 8.0)
    Microsoft.NET.Test.Sdk (17.11)
      Microsoft.CodeCoverage (>= 17.11)
      Microsoft.TestPlatform.TestHost (>= 17.11)
    Microsoft.NETCore.Platforms (7.0.4)
    Microsoft.NETCore.Targets (5.0)
    Microsoft.OpenApi (1.6.19)
      Microsoft.VisualStudio.Threading (>= 17.11.20)
    Microsoft.OpenApi.Readers (1.6.19)
      Microsoft.OpenApi (>= 1.6.19)
      Microsoft.VisualStudio.Threading (>= 17.11.20)
      SharpYaml (>= 2.1.1)
    Microsoft.Rest.ClientRuntime (2.3.24)
      Newtonsoft.Json (>= 10.0.3)
    Microsoft.Rest.ClientRuntime.Azure (3.3.19)
      Microsoft.Rest.ClientRuntime (>= 2.3.19 < 3.0)
      Newtonsoft.Json (>= 10.0.3)
    Microsoft.TestPlatform.ObjectModel (17.11)
      System.Reflection.Metadata (>= 1.6)
    Microsoft.TestPlatform.TestHost (17.11)
      Microsoft.TestPlatform.ObjectModel (>= 17.11)
      Newtonsoft.Json (>= 13.0.1)
    Microsoft.VisualStudio.Threading (17.11.20)
      Microsoft.VisualStudio.Threading.Analyzers (>= 17.11.20)
      Microsoft.VisualStudio.Validation (>= 17.8.8)
    Microsoft.VisualStudio.Threading.Analyzers (17.11.20)
    Microsoft.VisualStudio.Validation (17.8.8)
    Microsoft.Win32.Primitives (4.3)
      Microsoft.NETCore.Platforms (>= 1.1)
      Microsoft.NETCore.Targets (>= 1.1)
      System.Runtime (>= 4.3)
    Microsoft.Win32.Registry (5.0)
      System.Security.AccessControl (>= 5.0)
      System.Security.Principal.Windows (>= 5.0)
    MimeKitLite (4.7.1)
    Mono.Cecil (0.11.5)
    Namotion.Reflection (3.1.1)
      Microsoft.CSharp (>= 4.3)
    NCrontab (3.3.3)
    NETStandard.Library (2.0.3)
      Microsoft.NETCore.Platforms (>= 1.1)
    NewRelic.Agent.Api (10.29)
    Newtonsoft.Json (13.0.3)
    Nito.AsyncEx.Context (5.1.2)
      Nito.AsyncEx.Tasks (>= 5.1.2)
    Nito.AsyncEx.Coordination (5.1.2)
      Nito.AsyncEx.Tasks (>= 5.1.2)
      Nito.Collections.Deque (>= 1.1.1)
    Nito.AsyncEx.Tasks (5.1.2)
      Nito.Disposables (>= 2.2.1)
    Nito.Collections.Deque (1.2.1)
    Nito.Disposables (2.5)
      System.Collections.Immutable (>= 1.5)
    NJsonSchema (11.0.2)
      Namotion.Reflection (>= 3.1.1)
      Newtonsoft.Json (>= 13.0.3)
      NJsonSchema.Annotations (>= 11.0.2)
    NJsonSchema.Annotations (11.0.2)
    NJsonSchema.Extensions (0.1)
      Newtonsoft.Json (>= 13.0.1)
      NJsonSchema (>= 10.6.10)
    Npgsql (9.0.2)
      Microsoft.Extensions.Logging.Abstractions (>= 8.0.2)
    Npgsql.DependencyInjection (9.0.2)
      Microsoft.Extensions.DependencyInjection.Abstractions (>= 8.0.2)
      Npgsql (>= 9.0.2)
    Npgsql.OpenTelemetry (8.0.3)
      Npgsql (>= 8.0.3)
      OpenTelemetry.Api (>= 1.6)
    NSwag.Core (14.1)
      NJsonSchema (>= 11.0.2)
    OpenTelemetry (1.6)
      Microsoft.Extensions.Logging.Configuration (>= 3.1)
      OpenTelemetry.Api.ProviderBuilderExtensions (>= 1.6)
    OpenTelemetry.Api (1.7)
      System.Diagnostics.DiagnosticSource (>= 8.0)
    OpenTelemetry.Api.ProviderBuilderExtensions (1.7)
      Microsoft.Extensions.DependencyInjection.Abstractions (>= 8.0)
      OpenTelemetry.Api (>= 1.7)
    OpenTelemetry.Exporter.Console (1.6)
      OpenTelemetry (>= 1.6)
      System.Text.Encodings.Web (>= 4.7.2)
      System.Text.Json (>= 4.7.2)
    OpenTelemetry.Exporter.OpenTelemetryProtocol (1.6)
      Google.Protobuf (>= 3.19.4 < 4.0)
      Grpc.Net.Client (>= 2.52 < 3.0)
      OpenTelemetry (>= 1.6)
    OpenTelemetry.Exporter.Prometheus.AspNetCore (1.6.0-rc.1)
      OpenTelemetry (>= 1.6.0-rc.1)
    OpenTelemetry.Extensions.Hosting (1.6)
      Microsoft.Extensions.Hosting.Abstractions (>= 2.1)
      OpenTelemetry (>= 1.6)
    OpenTelemetry.Instrumentation.AspNetCore (1.7.1)
      OpenTelemetry.Api.ProviderBuilderExtensions (>= 1.7)
    OpenTelemetry.Instrumentation.Http (1.7.1)
      Microsoft.Extensions.Options (>= 8.0)
      OpenTelemetry.Api.ProviderBuilderExtensions (>= 1.7)
    Phobos.Actor.Common (1.1.2)
    Polly (8.4.1)
      Polly.Core (>= 8.4.1)
    Polly.Contrib.WaitAndRetry (1.1.1)
    Polly.Core (8.4.1)
    Polly.Extensions.Http (3.0)
      Polly (>= 7.1)
    protobuf-net (3.2.30)
      protobuf-net.Core (>= 3.2.30)
    protobuf-net.Core (3.2.30)
      System.Collections.Immutable (>= 7.0)
    protobuf-net.Reflection (3.2.12)
      protobuf-net.Core (>= 3.2.12)
    ProtoBufJsonConverter (0.3)
      JsonConverter.Newtonsoft.Json (>= 0.5)
      MetadataReferenceService.Default (>= 0.0.1)
      Microsoft.CodeAnalysis.CSharp (>= 4.8)
      protobuf-net (>= 3.2.30)
      protobuf-net.Reflection (>= 3.2.12)
      Stef.Validation (>= 0.1.1)
    RabbitMQ.Client (6.8.1)
      System.Memory (>= 4.5.5)
      System.Threading.Channels (>= 7.0)
    RamlToOpenApiConverter (0.6.1)
      Microsoft.OpenApi.Readers (>= 1.2.3)
      YamlDotNet (>= 8.1)
    RandomDataGenerator.Net (1.0.17)
      Fare (>= 2.2)
      Stef.Validation (>= 0.1)
    RandomNameGeneratorLibrary (1.2.2)
      NETStandard.Library (>= 1.6)
    runtime.debian.8-x64.runtime.native.System.Security.Cryptography.OpenSsl (4.3.3)
    runtime.debian.9-x64.runtime.native.System.Security.Cryptography.OpenSsl (4.3.3)
    runtime.fedora.23-x64.runtime.native.System.Security.Cryptography.OpenSsl (4.3.3)
    runtime.fedora.24-x64.runtime.native.System.Security.Cryptography.OpenSsl (4.3.3)
    runtime.fedora.27-x64.runtime.native.System.Security.Cryptography.OpenSsl (4.3.3)
    runtime.fedora.28-x64.runtime.native.System.Security.Cryptography.OpenSsl (4.3.3)
    runtime.native.System (4.3.1)
      Microsoft.NETCore.Platforms (>= 1.1.1)
      Microsoft.NETCore.Targets (>= 1.1.3)
    runtime.native.System.Net.Http (4.3.1)
      Microsoft.NETCore.Platforms (>= 1.1.1)
      Microsoft.NETCore.Targets (>= 1.1.3)
    runtime.native.System.Security.Cryptography.Apple (4.3.1)
      runtime.osx.10.10-x64.runtime.native.System.Security.Cryptography.Apple (>= 4.3.1)
    runtime.native.System.Security.Cryptography.OpenSsl (4.3.3)
      runtime.debian.8-x64.runtime.native.System.Security.Cryptography.OpenSsl (>= 4.3.3)
      runtime.debian.9-x64.runtime.native.System.Security.Cryptography.OpenSsl (>= 4.3.3)
      runtime.fedora.23-x64.runtime.native.System.Security.Cryptography.OpenSsl (>= 4.3.3)
      runtime.fedora.24-x64.runtime.native.System.Security.Cryptography.OpenSsl (>= 4.3.3)
      runtime.fedora.27-x64.runtime.native.System.Security.Cryptography.OpenSsl (>= 4.3.3)
      runtime.fedora.28-x64.runtime.native.System.Security.Cryptography.OpenSsl (>= 4.3.3)
      runtime.opensuse.13.2-x64.runtime.native.System.Security.Cryptography.OpenSsl (>= 4.3.3)
      runtime.opensuse.42.1-x64.runtime.native.System.Security.Cryptography.OpenSsl (>= 4.3.3)
      runtime.opensuse.42.3-x64.runtime.native.System.Security.Cryptography.OpenSsl (>= 4.3.3)
      runtime.osx.10.10-x64.runtime.native.System.Security.Cryptography.OpenSsl (>= 4.3.3)
      runtime.rhel.7-x64.runtime.native.System.Security.Cryptography.OpenSsl (>= 4.3.3)
      runtime.ubuntu.14.04-x64.runtime.native.System.Security.Cryptography.OpenSsl (>= 4.3.3)
      runtime.ubuntu.16.04-x64.runtime.native.System.Security.Cryptography.OpenSsl (>= 4.3.3)
      runtime.ubuntu.16.10-x64.runtime.native.System.Security.Cryptography.OpenSsl (>= 4.3.3)
      runtime.ubuntu.18.04-x64.runtime.native.System.Security.Cryptography.OpenSsl (>= 4.3.3)
    runtime.opensuse.13.2-x64.runtime.native.System.Security.Cryptography.OpenSsl (4.3.3)
    runtime.opensuse.42.1-x64.runtime.native.System.Security.Cryptography.OpenSsl (4.3.3)
    runtime.opensuse.42.3-x64.runtime.native.System.Security.Cryptography.OpenSsl (4.3.3)
    runtime.osx.10.10-x64.runtime.native.System.Security.Cryptography.Apple (4.3.1)
    runtime.osx.10.10-x64.runtime.native.System.Security.Cryptography.OpenSsl (4.3.3)
    runtime.rhel.7-x64.runtime.native.System.Security.Cryptography.OpenSsl (4.3.3)
    runtime.ubuntu.14.04-x64.runtime.native.System.Security.Cryptography.OpenSsl (4.3.3)
    runtime.ubuntu.16.04-x64.runtime.native.System.Security.Cryptography.OpenSsl (4.3.3)
    runtime.ubuntu.16.10-x64.runtime.native.System.Security.Cryptography.OpenSsl (4.3.3)
    runtime.ubuntu.18.04-x64.runtime.native.System.Security.Cryptography.OpenSsl (4.3.3)
    Scriban.Signed (5.10)
    Serilog (4.0.1)
    Serilog.AspNetCore (8.0.2)
      Microsoft.Extensions.Logging (>= 8.0)
      Serilog (>= 3.1.1)
      Serilog.Extensions.Hosting (>= 8.0)
      Serilog.Formatting.Compact (>= 2.0)
      Serilog.Settings.Configuration (>= 8.0.2)
      Serilog.Sinks.Console (>= 5.0)
      Serilog.Sinks.Debug (>= 2.0)
      Serilog.Sinks.File (>= 5.0)
    Serilog.Enrichers.Sensitive (1.7.3)
    Serilog.Extensions.Hosting (8.0)
      Microsoft.Extensions.DependencyInjection.Abstractions (>= 8.0)
      Microsoft.Extensions.Hosting.Abstractions (>= 8.0)
      Microsoft.Extensions.Logging.Abstractions (>= 8.0)
      Serilog (>= 3.1.1)
      Serilog.Extensions.Logging (>= 8.0)
    Serilog.Extensions.Logging (8.0)
      Microsoft.Extensions.Logging (>= 8.0)
      Serilog (>= 3.1.1)
    Serilog.Formatting.Compact (3.0)
      Serilog (>= 4.0)
    Serilog.Formatting.Compact.Reader (4.0)
      Newtonsoft.Json (>= 13.0.3)
      Serilog (>= 4.0)
    Serilog.Settings.Configuration (8.0.2)
      Microsoft.Extensions.Configuration.Binder (>= 8.0)
      Microsoft.Extensions.DependencyModel (>= 8.0.1)
      Serilog (>= 3.1.1)
    Serilog.Sinks.Console (6.0)
      Serilog (>= 4.0)
    Serilog.Sinks.Debug (3.0)
      Serilog (>= 4.0)
    Serilog.Sinks.File (6.0)
      Serilog (>= 4.0)
    Serilog.Sinks.OpenTelemetry (1.2)
      Google.Protobuf (>= 3.23.4)
      Grpc.Net.Client (>= 2.55)
      Serilog (>= 3.1.1)
      Serilog.Sinks.PeriodicBatching (>= 3.1)
    Serilog.Sinks.PeriodicBatching (5.0)
      Serilog (>= 4.0)
    Serilog.Sinks.Seq (8.0)
      Serilog (>= 4.0)
      Serilog.Sinks.File (>= 5.0)
    Serilog.Sinks.TestCorrelator (4.0)
      Serilog (>= 3.1.1)
      System.Collections.Immutable (>= 8.0)
      System.Reactive (>= 6.0.1)
    SharpYaml (2.1.1)
    SharpZipLib (1.4.2)
    SimMetrics.Net (1.0.5)
    SimpleInfoName (3.1)
    Springcomp.GPLEX.Runtime (1.2.4)
      NETStandard.Library (>= 1.6.1)
    Springcomp.GPPG.Runtime (1.2.4)
      NETStandard.Library (>= 1.6.1)
    SSH.NET (2024.1)
    Stef.Validation (0.1.1)
    SuperSimpleTcp (3.0.14)
    System.Buffers (4.5.1)
    System.ClientModel (1.0)
      System.Memory.Data (>= 1.0.2)
      System.Text.Json (>= 4.7.2)
    System.CodeDom (8.0)
    System.Collections (4.3)
      Microsoft.NETCore.Platforms (>= 1.1)
      Microsoft.NETCore.Targets (>= 1.1)
      System.Runtime (>= 4.3)
    System.Collections.Concurrent (4.3)
      System.Collections (>= 4.3)
      System.Diagnostics.Debug (>= 4.3)
      System.Diagnostics.Tracing (>= 4.3)
      System.Globalization (>= 4.3)
      System.Reflection (>= 4.3)
      System.Resources.ResourceManager (>= 4.3)
      System.Runtime (>= 4.3)
      System.Runtime.Extensions (>= 4.3)
      System.Threading (>= 4.3)
      System.Threading.Tasks (>= 4.3)
    System.Collections.Immutable (8.0)
    System.Collections.NonGeneric (4.3)
      System.Diagnostics.Debug (>= 4.3)
      System.Globalization (>= 4.3)
      System.Resources.ResourceManager (>= 4.3)
      System.Runtime (>= 4.3)
      System.Runtime.Extensions (>= 4.3)
      System.Threading (>= 4.3)
    System.Collections.Specialized (4.3)
      System.Collections.NonGeneric (>= 4.3)
      System.Globalization (>= 4.3)
      System.Globalization.Extensions (>= 4.3)
      System.Resources.ResourceManager (>= 4.3)
      System.Runtime (>= 4.3)
      System.Runtime.Extensions (>= 4.3)
      System.Threading (>= 4.3)
    System.ComponentModel (4.3)
      System.Runtime (>= 4.3)
    System.ComponentModel.Primitives (4.3)
      System.ComponentModel (>= 4.3)
      System.Resources.ResourceManager (>= 4.3)
      System.Runtime (>= 4.3)
    System.ComponentModel.TypeConverter (4.3)
      System.Collections (>= 4.3)
      System.Collections.NonGeneric (>= 4.3)
      System.Collections.Specialized (>= 4.3)
      System.ComponentModel (>= 4.3)
      System.ComponentModel.Primitives (>= 4.3)
      System.Globalization (>= 4.3)
      System.Linq (>= 4.3)
      System.Reflection (>= 4.3)
      System.Reflection.Extensions (>= 4.3)
      System.Reflection.Primitives (>= 4.3)
      System.Reflection.TypeExtensions (>= 4.3)
      System.Resources.ResourceManager (>= 4.3)
      System.Runtime (>= 4.3)
      System.Runtime.Extensions (>= 4.3)
      System.Threading (>= 4.3)
    System.Configuration.ConfigurationManager (8.0)
      System.Diagnostics.EventLog (>= 8.0)
      System.Security.Cryptography.ProtectedData (>= 8.0)
    System.Diagnostics.Debug (4.3)
      Microsoft.NETCore.Platforms (>= 1.1)
      Microsoft.NETCore.Targets (>= 1.1)
      System.Runtime (>= 4.3)
    System.Diagnostics.DiagnosticSource (8.0.1)
    System.Diagnostics.EventLog (8.0)
    System.Diagnostics.Process (4.3)
      Microsoft.NETCore.Platforms (>= 1.1)
      Microsoft.Win32.Primitives (>= 4.3)
      Microsoft.Win32.Registry (>= 4.3)
      runtime.native.System (>= 4.3)
      System.Collections (>= 4.3)
      System.Diagnostics.Debug (>= 4.3)
      System.Globalization (>= 4.3)
      System.IO (>= 4.3)
      System.IO.FileSystem (>= 4.3)
      System.IO.FileSystem.Primitives (>= 4.3)
      System.Resources.ResourceManager (>= 4.3)
      System.Runtime (>= 4.3)
      System.Runtime.Extensions (>= 4.3)
      System.Runtime.Handles (>= 4.3)
      System.Runtime.InteropServices (>= 4.3)
      System.Text.Encoding (>= 4.3)
      System.Text.Encoding.Extensions (>= 4.3)
      System.Threading (>= 4.3)
      System.Threading.Tasks (>= 4.3)
      System.Threading.Thread (>= 4.3)
      System.Threading.ThreadPool (>= 4.3)
    System.Diagnostics.Tools (4.3)
      Microsoft.NETCore.Platforms (>= 1.1)
      Microsoft.NETCore.Targets (>= 1.1)
      System.Runtime (>= 4.3)
    System.Diagnostics.Tracing (4.3)
      Microsoft.NETCore.Platforms (>= 1.1)
      Microsoft.NETCore.Targets (>= 1.1)
      System.Runtime (>= 4.3)
    System.Dynamic.Runtime (4.3)
      System.Collections (>= 4.3)
      System.Diagnostics.Debug (>= 4.3)
      System.Linq (>= 4.3)
      System.Linq.Expressions (>= 4.3)
      System.ObjectModel (>= 4.3)
      System.Reflection (>= 4.3)
      System.Reflection.Emit (>= 4.3)
      System.Reflection.Emit.ILGeneration (>= 4.3)
      System.Reflection.Primitives (>= 4.3)
      System.Reflection.TypeExtensions (>= 4.3)
      System.Resources.ResourceManager (>= 4.3)
      System.Runtime (>= 4.3)
      System.Runtime.Extensions (>= 4.3)
      System.Threading (>= 4.3)
    System.Formats.Asn1 (8.0.1)
    System.Globalization (4.3)
      Microsoft.NETCore.Platforms (>= 1.1)
      Microsoft.NETCore.Targets (>= 1.1)
      System.Runtime (>= 4.3)
    System.Globalization.Calendars (4.3)
      Microsoft.NETCore.Platforms (>= 1.1)
      Microsoft.NETCore.Targets (>= 1.1)
      System.Globalization (>= 4.3)
      System.Runtime (>= 4.3)
    System.Globalization.Extensions (4.3)
      Microsoft.NETCore.Platforms (>= 1.1)
      System.Globalization (>= 4.3)
      System.Resources.ResourceManager (>= 4.3)
      System.Runtime (>= 4.3)
      System.Runtime.Extensions (>= 4.3)
      System.Runtime.InteropServices (>= 4.3)
    System.IdentityModel.Tokens.Jwt (8.0.2)
      Microsoft.IdentityModel.JsonWebTokens (>= 8.0.2)
      Microsoft.IdentityModel.Tokens (>= 8.0.2)
    System.IO (4.3)
      Microsoft.NETCore.Platforms (>= 1.1)
      Microsoft.NETCore.Targets (>= 1.1)
      System.Runtime (>= 4.3)
      System.Text.Encoding (>= 4.3)
      System.Threading.Tasks (>= 4.3)
    System.IO.FileSystem (4.3)
      Microsoft.NETCore.Platforms (>= 1.1)
      Microsoft.NETCore.Targets (>= 1.1)
      System.IO (>= 4.3)
      System.IO.FileSystem.Primitives (>= 4.3)
      System.Runtime (>= 4.3)
      System.Runtime.Handles (>= 4.3)
      System.Text.Encoding (>= 4.3)
      System.Threading.Tasks (>= 4.3)
    System.IO.FileSystem.Primitives (4.3)
      System.Runtime (>= 4.3)
    System.IO.Hashing (9.0)
    System.IO.Pipelines (9.0)
    System.Linq (4.3)
      System.Collections (>= 4.3)
      System.Diagnostics.Debug (>= 4.3)
      System.Resources.ResourceManager (>= 4.3)
      System.Runtime (>= 4.3)
      System.Runtime.Extensions (>= 4.3)
    System.Linq.Async (6.0.1)
      Microsoft.Bcl.AsyncInterfaces (>= 6.0)
    System.Linq.Dynamic.Core (1.4.5)
    System.Linq.Expressions (4.3)
      System.Collections (>= 4.3)
      System.Diagnostics.Debug (>= 4.3)
      System.Globalization (>= 4.3)
      System.IO (>= 4.3)
      System.Linq (>= 4.3)
      System.ObjectModel (>= 4.3)
      System.Reflection (>= 4.3)
      System.Reflection.Emit (>= 4.3)
      System.Reflection.Emit.ILGeneration (>= 4.3)
      System.Reflection.Emit.Lightweight (>= 4.3)
      System.Reflection.Extensions (>= 4.3)
      System.Reflection.Primitives (>= 4.3)
      System.Reflection.TypeExtensions (>= 4.3)
      System.Resources.ResourceManager (>= 4.3)
      System.Runtime (>= 4.3)
      System.Runtime.Extensions (>= 4.3)
      System.Threading (>= 4.3)
    System.Management (8.0)
      System.CodeDom (>= 8.0)
    System.Memory (4.5.5)
    System.Memory.Data (8.0)
      System.Text.Json (>= 8.0)
    System.Net.Http (4.3.4)
      Microsoft.NETCore.Platforms (>= 1.1.1)
      runtime.native.System (>= 4.3)
      runtime.native.System.Net.Http (>= 4.3)
      runtime.native.System.Security.Cryptography.OpenSsl (>= 4.3.2)
      System.Collections (>= 4.3)
      System.Diagnostics.Debug (>= 4.3)
      System.Diagnostics.DiagnosticSource (>= 4.3)
      System.Diagnostics.Tracing (>= 4.3)
      System.Globalization (>= 4.3)
      System.Globalization.Extensions (>= 4.3)
      System.IO (>= 4.3)
      System.IO.FileSystem (>= 4.3)
      System.Net.Primitives (>= 4.3)
      System.Resources.ResourceManager (>= 4.3)
      System.Runtime (>= 4.3)
      System.Runtime.Extensions (>= 4.3)
      System.Runtime.Handles (>= 4.3)
      System.Runtime.InteropServices (>= 4.3)
      System.Security.Cryptography.Algorithms (>= 4.3)
      System.Security.Cryptography.Encoding (>= 4.3)
      System.Security.Cryptography.OpenSsl (>= 4.3)
      System.Security.Cryptography.Primitives (>= 4.3)
      System.Security.Cryptography.X509Certificates (>= 4.3)
      System.Text.Encoding (>= 4.3)
      System.Threading (>= 4.3)
      System.Threading.Tasks (>= 4.3)
    System.Net.Primitives (4.3.1)
      Microsoft.NETCore.Platforms (>= 1.1.1)
      Microsoft.NETCore.Targets (>= 1.1.3)
      System.Runtime (>= 4.3.1)
      System.Runtime.Handles (>= 4.3)
    System.Net.ServerSentEvents (9.0.4)
    System.Numerics.Vectors (4.5)
    System.ObjectModel (4.3)
      System.Collections (>= 4.3)
      System.Diagnostics.Debug (>= 4.3)
      System.Resources.ResourceManager (>= 4.3)
      System.Runtime (>= 4.3)
      System.Threading (>= 4.3)
    System.Private.DataContractSerialization (4.3)
      System.Collections (>= 4.3)
      System.Collections.Concurrent (>= 4.3)
      System.Diagnostics.Debug (>= 4.3)
      System.Globalization (>= 4.3)
      System.IO (>= 4.3)
      System.Linq (>= 4.3)
      System.Reflection (>= 4.3)
      System.Reflection.Emit.ILGeneration (>= 4.3)
      System.Reflection.Emit.Lightweight (>= 4.3)
      System.Reflection.Extensions (>= 4.3)
      System.Reflection.Primitives (>= 4.3)
      System.Reflection.TypeExtensions (>= 4.3)
      System.Resources.ResourceManager (>= 4.3)
      System.Runtime (>= 4.3)
      System.Runtime.Extensions (>= 4.3)
      System.Runtime.Serialization.Primitives (>= 4.3)
      System.Text.Encoding (>= 4.3)
      System.Text.Encoding.Extensions (>= 4.3)
      System.Text.RegularExpressions (>= 4.3)
      System.Threading (>= 4.3)
      System.Threading.Tasks (>= 4.3)
      System.Xml.ReaderWriter (>= 4.3)
      System.Xml.XDocument (>= 4.3)
      System.Xml.XmlDocument (>= 4.3)
      System.Xml.XmlSerializer (>= 4.3)
    System.Private.Uri (4.3.2)
      Microsoft.NETCore.Platforms (>= 1.1.1)
      Microsoft.NETCore.Targets (>= 1.1.3)
    System.Reactive (6.0.1)
    System.Reflection (4.3)
      Microsoft.NETCore.Platforms (>= 1.1)
      Microsoft.NETCore.Targets (>= 1.1)
      System.IO (>= 4.3)
      System.Reflection.Primitives (>= 4.3)
      System.Runtime (>= 4.3)
    System.Reflection.Emit (4.7)
    System.Reflection.Emit.ILGeneration (4.7)
    System.Reflection.Emit.Lightweight (4.7)
    System.Reflection.Extensions (4.3)
      Microsoft.NETCore.Platforms (>= 1.1)
      Microsoft.NETCore.Targets (>= 1.1)
      System.Reflection (>= 4.3)
      System.Runtime (>= 4.3)
    System.Reflection.Metadata (8.0)
      System.Collections.Immutable (>= 8.0)
    System.Reflection.Primitives (4.3)
      Microsoft.NETCore.Platforms (>= 1.1)
      Microsoft.NETCore.Targets (>= 1.1)
      System.Runtime (>= 4.3)
    System.Reflection.TypeExtensions (4.7)
    System.Resources.ResourceManager (4.3)
      Microsoft.NETCore.Platforms (>= 1.1)
      Microsoft.NETCore.Targets (>= 1.1)
      System.Globalization (>= 4.3)
      System.Reflection (>= 4.3)
      System.Runtime (>= 4.3)
    System.Runtime (4.3.1)
      Microsoft.NETCore.Platforms (>= 1.1.1)
      Microsoft.NETCore.Targets (>= 1.1.3)
    System.Runtime.CompilerServices.Unsafe (6.0)
    System.Runtime.Extensions (4.3.1)
      Microsoft.NETCore.Platforms (>= 1.1.1)
      Microsoft.NETCore.Targets (>= 1.1.3)
      System.Runtime (>= 4.3.1)
    System.Runtime.Handles (4.3)
      Microsoft.NETCore.Platforms (>= 1.1)
      Microsoft.NETCore.Targets (>= 1.1)
      System.Runtime (>= 4.3)
    System.Runtime.InteropServices (4.3)
      Microsoft.NETCore.Platforms (>= 1.1)
      Microsoft.NETCore.Targets (>= 1.1)
      System.Reflection (>= 4.3)
      System.Reflection.Primitives (>= 4.3)
      System.Runtime (>= 4.3)
      System.Runtime.Handles (>= 4.3)
    System.Runtime.Numerics (4.3)
      System.Globalization (>= 4.3)
      System.Resources.ResourceManager (>= 4.3)
      System.Runtime (>= 4.3)
      System.Runtime.Extensions (>= 4.3)
    System.Runtime.Serialization.Formatters (4.3)
      System.Collections (>= 4.3)
      System.Reflection (>= 4.3)
      System.Resources.ResourceManager (>= 4.3)
      System.Runtime (>= 4.3)
      System.Runtime.Serialization.Primitives (>= 4.3)
    System.Runtime.Serialization.Json (4.3)
      System.IO (>= 4.3)
      System.Private.DataContractSerialization (>= 4.3)
      System.Runtime (>= 4.3)
    System.Runtime.Serialization.Primitives (4.3)
      System.Resources.ResourceManager (>= 4.3)
      System.Runtime (>= 4.3)
    System.Security.AccessControl (6.0.1)
    System.Security.Cryptography.Algorithms (4.3.1)
      Microsoft.NETCore.Platforms (>= 1.1)
      runtime.native.System.Security.Cryptography.Apple (>= 4.3.1)
      runtime.native.System.Security.Cryptography.OpenSsl (>= 4.3.2)
      System.Collections (>= 4.3)
      System.IO (>= 4.3)
      System.Resources.ResourceManager (>= 4.3)
      System.Runtime (>= 4.3)
      System.Runtime.Extensions (>= 4.3)
      System.Runtime.Handles (>= 4.3)
      System.Runtime.InteropServices (>= 4.3)
      System.Runtime.Numerics (>= 4.3)
      System.Security.Cryptography.Encoding (>= 4.3)
      System.Security.Cryptography.Primitives (>= 4.3)
      System.Text.Encoding (>= 4.3)
    System.Security.Cryptography.Cng (5.0)
      System.Formats.Asn1 (>= 5.0)
    System.Security.Cryptography.Csp (4.3)
      Microsoft.NETCore.Platforms (>= 1.1)
      System.IO (>= 4.3)
      System.Reflection (>= 4.3)
      System.Resources.ResourceManager (>= 4.3)
      System.Runtime (>= 4.3)
      System.Runtime.Extensions (>= 4.3)
      System.Runtime.Handles (>= 4.3)
      System.Runtime.InteropServices (>= 4.3)
      System.Security.Cryptography.Algorithms (>= 4.3)
      System.Security.Cryptography.Encoding (>= 4.3)
      System.Security.Cryptography.Primitives (>= 4.3)
      System.Text.Encoding (>= 4.3)
      System.Threading (>= 4.3)
    System.Security.Cryptography.Encoding (4.3)
      Microsoft.NETCore.Platforms (>= 1.1)
      runtime.native.System.Security.Cryptography.OpenSsl (>= 4.3)
      System.Collections (>= 4.3)
      System.Collections.Concurrent (>= 4.3)
      System.Linq (>= 4.3)
      System.Resources.ResourceManager (>= 4.3)
      System.Runtime (>= 4.3)
      System.Runtime.Extensions (>= 4.3)
      System.Runtime.Handles (>= 4.3)
      System.Runtime.InteropServices (>= 4.3)
      System.Security.Cryptography.Primitives (>= 4.3)
      System.Text.Encoding (>= 4.3)
    System.Security.Cryptography.OpenSsl (5.0)
      System.Formats.Asn1 (>= 5.0)
    System.Security.Cryptography.Primitives (4.3)
      System.Diagnostics.Debug (>= 4.3)
      System.Globalization (>= 4.3)
      System.IO (>= 4.3)
      System.Resources.ResourceManager (>= 4.3)
      System.Runtime (>= 4.3)
      System.Threading (>= 4.3)
      System.Threading.Tasks (>= 4.3)
    System.Security.Cryptography.ProtectedData (8.0)
    System.Security.Cryptography.X509Certificates (4.3.2)
      Microsoft.NETCore.Platforms (>= 1.1)
      runtime.native.System (>= 4.3)
      runtime.native.System.Net.Http (>= 4.3)
      runtime.native.System.Security.Cryptography.OpenSsl (>= 4.3.2)
      System.Collections (>= 4.3)
      System.Diagnostics.Debug (>= 4.3)
      System.Globalization (>= 4.3)
      System.Globalization.Calendars (>= 4.3)
      System.IO (>= 4.3)
      System.IO.FileSystem (>= 4.3)
      System.IO.FileSystem.Primitives (>= 4.3)
      System.Resources.ResourceManager (>= 4.3)
      System.Runtime (>= 4.3)
      System.Runtime.Extensions (>= 4.3)
      System.Runtime.Handles (>= 4.3)
      System.Runtime.InteropServices (>= 4.3)
      System.Runtime.Numerics (>= 4.3)
      System.Security.Cryptography.Algorithms (>= 4.3)
      System.Security.Cryptography.Cng (>= 4.3)
      System.Security.Cryptography.Csp (>= 4.3)
      System.Security.Cryptography.Encoding (>= 4.3)
      System.Security.Cryptography.OpenSsl (>= 4.3)
      System.Security.Cryptography.Primitives (>= 4.3)
      System.Text.Encoding (>= 4.3)
      System.Threading (>= 4.3)
    System.Security.Principal.Windows (5.0)
    System.Security.SecureString (4.3)
      Microsoft.NETCore.Platforms (>= 1.1)
      System.Resources.ResourceManager (>= 4.3)
      System.Runtime (>= 4.3)
      System.Runtime.Handles (>= 4.3)
      System.Runtime.InteropServices (>= 4.3)
      System.Security.Cryptography.Primitives (>= 4.3)
      System.Text.Encoding (>= 4.3)
      System.Threading (>= 4.3)
    System.Text.Encoding (4.3)
      Microsoft.NETCore.Platforms (>= 1.1)
      Microsoft.NETCore.Targets (>= 1.1)
      System.Runtime (>= 4.3)
    System.Text.Encoding.Extensions (4.3)
      Microsoft.NETCore.Platforms (>= 1.1)
      Microsoft.NETCore.Targets (>= 1.1)
      System.Runtime (>= 4.3)
      System.Text.Encoding (>= 4.3)
    System.Text.Encodings.Web (9.0)
    System.Text.Json (9.0)
    System.Text.RegularExpressions (4.3.1)
      System.Runtime (>= 4.3.1)
    System.Threading (4.3)
      System.Runtime (>= 4.3)
      System.Threading.Tasks (>= 4.3)
    System.Threading.Channels (9.0.4)
    System.Threading.Tasks (4.3)
      Microsoft.NETCore.Platforms (>= 1.1)
      Microsoft.NETCore.Targets (>= 1.1)
      System.Runtime (>= 4.3)
    System.Threading.Tasks.Extensions (4.5.4)
    System.Threading.Thread (4.3)
      System.Runtime (>= 4.3)
    System.Threading.ThreadPool (4.3)
      System.Runtime (>= 4.3)
      System.Runtime.Handles (>= 4.3)
    System.ValueTuple (4.5)
    System.Xml.ReaderWriter (4.3.1)
      System.Collections (>= 4.3)
      System.Diagnostics.Debug (>= 4.3)
      System.Globalization (>= 4.3)
      System.IO (>= 4.3)
      System.IO.FileSystem (>= 4.3)
      System.IO.FileSystem.Primitives (>= 4.3)
      System.Resources.ResourceManager (>= 4.3)
      System.Runtime (>= 4.3)
      System.Runtime.Extensions (>= 4.3)
      System.Runtime.InteropServices (>= 4.3)
      System.Text.Encoding (>= 4.3)
      System.Text.Encoding.Extensions (>= 4.3)
      System.Text.RegularExpressions (>= 4.3)
      System.Threading.Tasks (>= 4.3)
      System.Threading.Tasks.Extensions (>= 4.3)
    System.Xml.XDocument (4.3)
      System.Collections (>= 4.3)
      System.Diagnostics.Debug (>= 4.3)
      System.Diagnostics.Tools (>= 4.3)
      System.Globalization (>= 4.3)
      System.IO (>= 4.3)
      System.Reflection (>= 4.3)
      System.Resources.ResourceManager (>= 4.3)
      System.Runtime (>= 4.3)
      System.Runtime.Extensions (>= 4.3)
      System.Text.Encoding (>= 4.3)
      System.Threading (>= 4.3)
      System.Xml.ReaderWriter (>= 4.3)
    System.Xml.XmlDocument (4.3)
      System.Collections (>= 4.3)
      System.Diagnostics.Debug (>= 4.3)
      System.Globalization (>= 4.3)
      System.IO (>= 4.3)
      System.Resources.ResourceManager (>= 4.3)
      System.Runtime (>= 4.3)
      System.Runtime.Extensions (>= 4.3)
      System.Text.Encoding (>= 4.3)
      System.Threading (>= 4.3)
      System.Xml.ReaderWriter (>= 4.3)
    System.Xml.XmlSerializer (4.3)
      System.Collections (>= 4.3)
      System.Globalization (>= 4.3)
      System.IO (>= 4.3)
      System.Linq (>= 4.3)
      System.Reflection (>= 4.3)
      System.Reflection.Emit (>= 4.3)
      System.Reflection.Emit.ILGeneration (>= 4.3)
      System.Reflection.Extensions (>= 4.3)
      System.Reflection.Primitives (>= 4.3)
      System.Reflection.TypeExtensions (>= 4.3)
      System.Resources.ResourceManager (>= 4.3)
      System.Runtime (>= 4.3)
      System.Runtime.Extensions (>= 4.3)
      System.Text.RegularExpressions (>= 4.3)
      System.Threading (>= 4.3)
      System.Xml.ReaderWriter (>= 4.3)
      System.Xml.XmlDocument (>= 4.3)
    Testcontainers (3.10)
      Docker.DotNet (>= 3.125.15)
      Docker.DotNet.X509 (>= 3.125.15)
      Microsoft.Extensions.Logging.Abstractions (>= 6.0.4)
      SharpZipLib (>= 1.4.2)
      SSH.NET (>= 2023.0)
    TimeZoneConverter (6.1)
    TinyMapper (3.0.3)
      System.Collections.NonGeneric (>= 4.3)
      System.ComponentModel.TypeConverter (>= 4.3)
      System.Reflection.Emit (>= 4.3)
      System.Reflection.Emit.ILGeneration (>= 4.3)
      System.Reflection.TypeExtensions (>= 4.3)
    Utf8Json (1.3.7)
      System.Reflection.Emit (>= 4.3)
      System.Reflection.Emit.Lightweight (>= 4.3)
      System.Threading.Tasks.Extensions (>= 4.4)
      System.ValueTuple (>= 4.4)
    Utf8Json.FSharpExtensions (0.1)
      FSharp.Core (>= 4.2.3)
      Utf8Json (>= 1.1.2)
    Verify (28.4)
      Argon (>= 0.25)
      DiffEngine (>= 15.5.5)
      SimpleInfoName (>= 3.1)
      System.IO.Hashing (>= 9.0)
    Verify.Expecto (28.4)
      Argon (>= 0.25)
      DiffEngine (>= 15.5.5)
      Expecto (>= 10.2.1)
      FSharp.Core (>= 9.0.100)
      SimpleInfoName (>= 3.1)
      System.IO.Hashing (>= 9.0)
      Verify (>= 28.4)
    Websocket.Client (5.1)
      Microsoft.Extensions.Logging.Abstractions (>= 7.0.1)
      Microsoft.IO.RecyclableMemoryStream (>= 2.3.2)
      System.Reactive (>= 6.0)
      System.Threading.Channels (>= 7.0)
    WireMock.Net (1.6.1)
      AnyOf (>= 0.3)
      GraphQL (>= 7.5)
      GraphQL.NewtonsoftJson (>= 7.5)
      Handlebars.Net.Helpers (>= 2.4.4)
      Handlebars.Net.Helpers.DynamicLinq (>= 2.4.4)
      Handlebars.Net.Helpers.Humanizer (>= 2.4.4)
      Handlebars.Net.Helpers.Json (>= 2.4.4)
      Handlebars.Net.Helpers.Random (>= 2.4.4)
      Handlebars.Net.Helpers.Xeger (>= 2.4.4)
      Handlebars.Net.Helpers.XPath (>= 2.4.4)
      Handlebars.Net.Helpers.Xslt (>= 2.4.4)
      JmesPath.Net (>= 1.0.125)
      JsonConverter.Abstractions (>= 0.5)
      Microsoft.IdentityModel.Protocols.OpenIdConnect (>= 6.34)
      MimeKitLite (>= 4.1.0.1)
      Newtonsoft.Json (>= 13.0.3)
      NJsonSchema.Extensions (>= 0.1)
      NSwag.Core (>= 13.16.1)
      ProtoBufJsonConverter (>= 0.3)
      Scriban.Signed (>= 5.5)
      SimMetrics.Net (>= 1.0.5)
      TinyMapper (>= 3.0.3)
      WireMock.Net.Abstractions (>= 1.6.1)
      WireMock.Net.OpenApiParser (>= 1.6.1)
      WireMock.Org.Abstractions (>= 1.6.1)
    WireMock.Net.Abstractions (1.6.1)
      System.Security.Cryptography.X509Certificates (>= 4.3)
    WireMock.Net.OpenApiParser (1.6.1)
      Microsoft.OpenApi.Readers (>= 1.2.3)
      Newtonsoft.Json (>= 13.0.3)
      RamlToOpenApiConverter (>= 0.6.1)
      RandomDataGenerator.Net (>= 1.0.17)
      Stef.Validation (>= 0.1.1)
      WireMock.Net.Abstractions (>= 1.6.1)
    WireMock.Org.Abstractions (1.6.1)
    XPath2 (1.1.5)
    XPath2.Extensions (1.1.5)
      Newtonsoft.Json (>= 13.0.3)
      XPath2 (>= 1.1.5)
    xunit (2.9)
      xunit.analyzers (>= 1.15)
      xunit.assert (>= 2.9)
      xunit.core (2.9)
    xunit.abstractions (2.0.3)
    xunit.analyzers (1.16)
    xunit.assert (2.9)
    xunit.core (2.9)
      xunit.extensibility.core (2.9)
      xunit.extensibility.execution (2.9)
    xunit.extensibility.core (2.9)
      xunit.abstractions (>= 2.0.3)
    xunit.extensibility.execution (2.9)
      xunit.extensibility.core (2.9)
    xunit.runner.visualstudio (2.8.2)
    YamlDotNet (16.1)
    YoloDev.Expecto.TestSdk (0.14.3)
      Expecto (>= 10.0 < 11.0)
      FSharp.Core (>= 7.0.200)
      System.Collections.Immutable (>= 6.0)
  remote: https://feed.sdkbin.com/auth/fd73e0f8-23bb-42ac-b23d-6bac45d8e357/autostore-phobos/v3/index.json
    Phobos.Actor (2.4.1)
      Akka.Cluster (>= 1.5.9)
      Phobos.Actor.Common (>= 1.1.1)
      Phobos.Monitoring (>= 2.4.1)
      Phobos.Tracing (>= 2.4.1)
    Phobos.Actor.Cluster (2.4.1)
      Akka.Cluster.Sharding (>= 1.5.9)
      Phobos.Actor.Remote (>= 2.4.1)
    Phobos.Actor.Remote (2.4.1)
      Phobos.Actor (>= 2.4.1)
    Phobos.Hosting (2.4.1)
      Akka.Cluster.Hosting (>= 1.5.8.1)
      Phobos.Actor.Cluster (>= 2.4.1)
    Phobos.Monitoring (2.4.1)
      Akka (>= 1.5.9)
      OpenTelemetry (>= 1.5.1)
      Phobos.Actor.Common (>= 1.1.1)
    Phobos.Tracing (2.4.1)
      Akka (>= 1.5.9)
      Google.Protobuf (>= 3.19.4)
      OpenTelemetry (>= 1.5.1)
      Phobos.Actor.Common (>= 1.1.1)
